GIT
  remote: https://github.com/mojombo/jekyll.git
  revision: dd0e208daa63dd9e36e4574189e405f5750a37ec
  specs:
    jekyll (0.12.0)
      classifier (~> 1.3)
      directory_watcher (~> 1.1)
      kramdown (~> 0.13.4)
      liquid (~> 2.3)
      maruku (~> 0.5)
      pygments.rb (~> 0.3.2)

GEM
  remote: http://rubygems.org/
  specs:
    RedCloth (4.2.9)
    classifier (1.3.3)
      fast-stemmer (>= 1.0.0)
    commonjs (0.2.6)
    daemons (1.1.9)
    directory_watcher (1.4.1)
    eventmachine (1.0.0)
    fast-stemmer (1.0.1)
    jekyll-less (0.0.4)
      jekyll (>= 0.10.0)
      less (>= 2.0.5)
    kramdown (0.13.8)
    less (2.2.2)
      commonjs (~> 0.2.6)
    libv8 (3.11.8.11)
    liquid (2.4.1)
    maruku (0.6.1)
      syntax (>= 1.0.0)
    mustache (0.99.4)
    nokogiri (1.5.6)
    posix-spawn (0.3.6)
    pygments.rb (0.3.7)
      posix-spawn (~> 0.3.6)
      yajl-ruby (~> 1.1.0)
    rack (1.4.2)
    rdiscount (1.6.8)
    redcarpet (2.2.2)
    ref (1.0.2)
    ruby-aaws (0.7.0)
    syntax (1.0.0)
    therubyracer (0.11.1)
      libv8 (~> 3.11.8.7)
      ref
    thin (1.5.0)
      daemons (>= 1.0.9)
      eventmachine (>= 0.12.6)
      rack (>= 1.0.0)
    yajl-ruby (1.1.0)

PLATFORMS
  ruby

DEPENDENCIES
  RedCloth
  jekyll!
  jekyll-less
  liquid
  mustache
  nokogiri
  pygments.rb
  rdiscount
  redcarpet
  ruby-aaws
  therubyracer
  thin
